GEM
  remote: https://rubygems.org/
  specs:
    coderay (1.1.0)
    descriptive_statistics (2.5.1)
    json (1.8.3)
    method_source (0.8.2)
    pry (0.10.3)
      coderay (~> 1.1.0)
      method_source (~> 0.8.1)
      slop (~> 3.4)
    rack (1.6.4)
    rack-protection (1.5.3)
      rack
    rubytree (0.9.7)
      json (~> 1.8)
      structured_warnings (~> 0.2)
    sinatra (1.4.7)
      rack (~> 1.5)
      rack-protection (~> 1.4)
      tilt (>= 1.3, < 3)
    slop (3.6.0)
    structured_warnings (0.2.0)
    tilt (2.0.2)

PLATFORMS
  ruby

DEPENDENCIES
  descriptive_statistics
  pry
  rubytree
  sinatra

BUNDLED WITH
   1.11.2
