GEM
  remote: https://rubygems.org/
  specs:
    ots (0.5.4)
    rake (11.1.0)
    rake-compiler (0.9.6)
      rake
    summarize (1.0.3)
      rake-compiler

PLATFORMS
  ruby

DEPENDENCIES
  ots
  summarize

BUNDLED WITH
   1.11.2
